PATH
  remote: .
  specs:
    twitter_ads (0.0.3)
      oauth

GEM
  remote: https://rubygems.org/
  specs:
    addressable (2.3.8)
    crack (0.4.2)
      safe_yaml (~> 1.0.0)
    minispec-metadata (2.0.0)
      minitest
    minitest (5.7.0)
    minitest-vcr (1.3.0)
      minispec-metadata (~> 2.0)
      minitest (>= 4.7.5)
      vcr (~> 2.9)
    multi_json (1.11.0)
    oauth (0.4.7)
    rake (10.4.2)
    safe_yaml (1.0.4)
    vcr (2.9.3)
    webmock (1.21.0)
      addressable (>= 2.3.6)
      crack (>= 0.3.2)

PLATFORMS
  ruby

DEPENDENCIES
  minitest
  minitest-vcr
  multi_json
  oauth
  rake
  twitter_ads!
  vcr
  webmock
